GEM
  remote: https://rubygems.org/
  specs:
    activesupport (7.1.2)
      base64
      bigdecimal
      concurrent-ruby (~> 1.0, >= 1.0.2)
      connection_pool (>= 2.2.5)
      drb
      i18n (>= 1.6, < 2)
      minitest (>= 5.1)
      mutex_m
      tzinfo (~> 2.0)
    addressable (2.8.5)
      public_suffix (>= 2.0.2, < 6.0)
    ansi (1.5.0)
    ast (2.4.2)
    autoprefixer-rails (10.4.15.0)
      execjs (~> 2)
    base64 (0.2.0)
    bigdecimal (3.1.4)
    bootstrap-sass (3.4.1)
      autoprefixer-rails (>= 5.2.1)
      sassc (>= 2.0.0)
    colorator (1.1.0)
    commonmarker (0.23.10)
    concurrent-ruby (1.2.2)
    connection_pool (2.4.1)
    drb (2.2.0)
      ruby2_keywords
    em-websocket (0.5.3)
      eventmachine (>= 0.12.9)
      http_parser.rb (~> 0)
    eventmachine (1.2.7)
    execjs (2.9.1)
    extras (0.3.0)
      forwardable-extended (~> 2.5)
    faraday (2.7.11)
      base64
      faraday-net_http (>= 2.0, < 3.1)
      ruby2_keywords (>= 0.0.4)
    faraday-net_http (3.0.2)
    fastimage (2.2.7)
    ffi (1.16.3)
    forwardable-extended (2.6.0)
    github-markdown (0.6.9)
    html-pipeline (2.14.3)
      activesupport (>= 2)
      nokogiri (>= 1.4)
    http_parser.rb (0.8.0)
    i18n (1.14.1)
      concurrent-ruby (~> 1.0)
    jekyll (3.9.3)
      addressable (~> 2.4)
      colorator (~> 1.0)
      em-websocket (~> 0.5)
      i18n (>= 0.7, < 2)
      jekyll-sass-converter (~> 1.0)
      jekyll-watch (~> 2.0)
      kramdown (>= 1.17, < 3)
      liquid (~> 4.0)
      mercenary (~> 0.3.3)
      pathutil (~> 0.9)
      rouge (>= 1.7, < 4)
      safe_yaml (~> 1.0)
    jekyll-assets (2.2.8)
      extras (~> 0.1)
      fastimage (~> 2.0, >= 1.8)
      jekyll (~> 3.1, >= 3.0)
      pathutil (>= 0.8)
      rack (> 1, < 2)
      sprockets (~> 3.3, < 3.7)
    jekyll-sass-converter (1.5.2)
      sass (~> 3.4)
    jekyll-sitemap (1.4.0)
      jekyll (>= 3.7, < 5.0)
    jekyll-watch (2.2.1)
      listen (~> 3.0)
    kramdown (2.4.0)
      rexml
    liquid (4.0.4)
    listen (3.8.0)
      rb-fsevent (~> 0.10, >= 0.10.3)
      rb-inotify (~> 0.9, >= 0.9.10)
    mercenary (0.3.6)
    minitest (5.20.0)
    mutex_m (0.2.0)
    nokogiri (1.15.4-arm64-darwin)
      racc (~> 1.4)
    octokit (4.25.1)
      faraday (>= 1, < 3)
      sawyer (~> 0.9)
    oga (2.15)
      ast
      ruby-ll (~> 2.1)
    pathutil (0.16.2)
      forwardable-extended (~> 2.6)
    public_suffix (5.0.3)
    racc (1.7.3)
    rack (1.6.13)
    rb-fsevent (0.11.2)
    rb-inotify (0.10.1)
      ffi (~> 1.0)
    rexml (3.2.6)
    rouge (3.30.0)
    ruby-ll (2.1.3)
      ansi
      ast
    ruby2_keywords (0.0.5)
    safe_yaml (1.0.5)
    sass (3.7.4)
      sass-listen (~> 4.0.0)
    sass-listen (4.0.0)
      rb-fsevent (~> 0.9, >= 0.9.4)
      rb-inotify (~> 0.9, >= 0.9.7)
    sassc (2.4.0)
      ffi (~> 1.9)
    sawyer (0.9.2)
      addressable (>= 2.3.5)
      faraday (>= 0.17.3, < 3)
    sprockets (3.6.3)
      concurrent-ruby (~> 1.0)
      rack (> 1, < 3)
    tzinfo (2.0.6)
      concurrent-ruby (~> 1.0)
    uglifier (3.0.4)
      execjs (>= 0.3.0, < 3)
    wdm (0.1.1)

PLATFORMS
  arm64-darwin-23

DEPENDENCIES
  autoprefixer-rails
  bootstrap-sass
  commonmarker
  execjs
  github-markdown
  html-pipeline
  jekyll (~> 3.0)
  jekyll-assets (~> 2.2.8)
  jekyll-sitemap
  kramdown
  octokit (~> 4.0)
  oga (~> 2.3)
  rouge
  sprockets (~> 3.6.3)
  uglifier (~> 3.0.4)
  wdm (>= 0.1.0)

BUNDLED WITH
   2.4.22
